GEM
  remote: https://rubygems.org/
  specs:
    mustermann (1.0.2)
    mysql2 (0.5.2)
    rack (2.0.6)
    rack-protection (2.0.3)
      rack
    sinatra (2.0.3)
      mustermann (~> 1.0)
      rack (~> 2.0)
      rack-protection (= 2.0.3)
      tilt (~> 2.0)
    tilt (2.0.8)

PLATFORMS
  ruby

DEPENDENCIES
  mysql2
  sinatra

BUNDLED WITH
   2.0.1
